PATH
  remote: .
  specs:
    vital (2.2.1)
      sass (>= 3.4)

GEM
  remote: https://rubygems.org/
  specs:
    ast (2.4.0)
    dox-style (1.0.16)
      rubocop (~> 0.53)
    parallel (1.12.1)
    parser (2.5.1.0)
      ast (~> 2.4.0)
    powerpack (0.1.1)
    rainbow (3.0.0)
    rake (10.5.0)
    rubocop (0.55.0)
      parallel (~> 1.10)
      parser (>= 2.5)
      powerpack (~> 0.1)
      rainbow (>= 2.2.2, < 4.0)
      ruby-progressbar (~> 1.7)
      unicode-display_width (~> 1.0, >= 1.0.1)
    ruby-progressbar (1.9.0)
    sass (3.4.23)
    unicode-display_width (1.3.2)

PLATFORMS
  ruby

DEPENDENCIES
  bundler (~> 1.11)
  dox-style (~> 1.0.16)
  rake (~> 10.0)
  vital!

BUNDLED WITH
   1.16.1
