PATH
  remote: .
  specs:
    vital (2.2.1)
      sass (>= 3.4)

GEM
  remote: https://rubygems.org/
  specs:
    rake (10.5.0)
    sass (3.4.23)

PLATFORMS
  ruby

DEPENDENCIES
  bundler (~> 1.11)
  rake (~> 10.0)
  vital!

BUNDLED WITH
   1.14.6
